NUGET
  remote: https://www.nuget.org/api/v2
  specs:
    Antlr (3.4.1.9004) - framework: >= net45
    bootstrap (3.0.0) - framework: >= net45
      jQuery (>= 1.9.0)
    Castle.Core (3.2.2) - framework: >= net40
    Castle.Windsor (3.2.1) - framework: >= net40
      Castle.Core (>= 3.2.0)
    Iesi.Collections (4.0.0.4000) - framework: >= net45
    jQuery (1.10.2) - framework: >= net45
    jQuery.Validation (1.11.1) - framework: >= net45
      jQuery (>= 1.4.4)
    log4net (2.0.3) - framework: >= net40
    Lucene.Net (3.0.3) - framework: >= net40
      SharpZipLib (>= 0.86.0)
    Lucene.Net.Contrib (3.0.3) - framework: >= net40
      Lucene.Net (>= 3.0.3)
    Microsoft.AspNet.Identity.Core (2.2.1)
    Microsoft.AspNet.Identity.Owin (2.0.0) - framework: >= net45
      Microsoft.AspNet.Identity.Core (>= 2.0.0)
      Microsoft.Owin.Security (>= 2.1.0)
      Microsoft.Owin.Security.Cookies (>= 2.1.0)
      Microsoft.Owin.Security.OAuth (>= 2.1.0)
    Microsoft.AspNet.Mvc (5.2.3)
      Microsoft.AspNet.Razor (>= 3.2.3 < 3.3.0)
      Microsoft.AspNet.WebPages (>= 3.2.3 < 3.3.0)
    Microsoft.AspNet.Razor (3.2.3)
    Microsoft.AspNet.Web.Optimization (1.1.3) - framework: >= net45
      Microsoft.Web.Infrastructure (>= 1.0.0)
      WebGrease (>= 1.5.2)
    Microsoft.AspNet.WebPages (3.2.3)
      Microsoft.AspNet.Razor (>= 3.2.3 < 3.3.0)
      Microsoft.Web.Infrastructure (>= 1.0.0.0)
    Microsoft.jQuery.Unobtrusive.Validation (3.1.2) - framework: >= net45
      jQuery (>= 1.8)
      jQuery.Validation (>= 1.8)
    Microsoft.Owin (2.1.0) - framework: >= net45
      Owin (>= 1.0)
    Microsoft.Owin.Host.SystemWeb (2.1.0) - framework: >= net45
      Microsoft.Owin (>= 2.1.0) - framework: >= net40
      Owin (>= 1.0) - framework: >= net40
    Microsoft.Owin.Security (2.1.0) - framework: >= net45
      Microsoft.Owin (>= 2.1.0)
      Owin (>= 1.0)
    Microsoft.Owin.Security.Cookies (2.1.0) - framework: >= net45
      Microsoft.Owin (>= 2.1.0)
      Microsoft.Owin.Security (>= 2.1.0)
      Owin (>= 1.0)
    Microsoft.Owin.Security.Facebook (2.1.0) - framework: >= net45
      Microsoft.Owin (>= 2.1.0)
      Microsoft.Owin.Security (>= 2.1.0)
      Newtonsoft.Json (>= 4.5.11)
      Owin (>= 1.0)
    Microsoft.Owin.Security.Google (2.1.0) - framework: >= net45
      Microsoft.Owin (>= 2.1.0)
      Microsoft.Owin.Security (>= 2.1.0)
      Newtonsoft.Json (>= 4.5.11)
      Owin (>= 1.0)
    Microsoft.Owin.Security.MicrosoftAccount (2.1.0) - framework: >= net45
      Microsoft.Owin (>= 2.1.0)
      Microsoft.Owin.Security (>= 2.1.0)
      Newtonsoft.Json (>= 4.5.11)
      Owin (>= 1.0)
    Microsoft.Owin.Security.OAuth (2.1.0) - framework: >= net45
      Microsoft.Owin (>= 2.1.0)
      Microsoft.Owin.Security (>= 2.1.0)
      Newtonsoft.Json (>= 4.5.11)
      Owin (>= 1.0)
    Microsoft.Owin.Security.Twitter (2.1.0) - framework: >= net45
      Microsoft.Owin (>= 2.1.0)
      Microsoft.Owin.Security (>= 2.1.0)
      Newtonsoft.Json (>= 4.5.11)
      Owin (>= 1.0)
    Microsoft.Web.Infrastructure (1.0.0)
    Modernizr (2.6.2) - framework: >= net45
    mongocsharpdriver (1.8.3) - framework: >= net40
    Newtonsoft.Json (5.0.6) - framework: >= net45
    NHibernate (4.0.4.4000) - framework: >= net45
      Iesi.Collections (>= 4.0 < 5.0)
    NuGet.CommandLine (3.3.0)
    NUnit (2.6.3) - framework: >= net40
    Owin (1.0) - framework: >= net45
    Respond (1.2.0) - framework: >= net45
    SharpZipLib (0.86.0)
    Shouldly (1.1.1.1) - framework: >= net40
    System.Data.SQLite (1.0.90) - framework: >= net40
    WebGrease (1.5.2) - framework: >= net45
      Antlr (>= 3.4.1.9004)
      Newtonsoft.Json (>= 5.0.4)
